GEM
  remote: https://rubygems.org/
  specs:
    diff-lcs (1.3)
    ox (2.8.2)
    rspec (3.7.0)
      rspec-core (~> 3.7.0)
      rspec-expectations (~> 3.7.0)
      rspec-mocks (~> 3.7.0)
    rspec-core (3.7.0)
      rspec-support (~> 3.7.0)
    rspec-expectations (3.7.0)
      diff-lcs (>= 1.2.0, < 2.0)
      rspec-support (~> 3.7.0)
    rspec-mocks (3.7.0)
      diff-lcs (>= 1.2.0, < 2.0)
      rspec-support (~> 3.7.0)
    rspec-support (3.7.0)

PLATFORMS
  ruby

DEPENDENCIES
  ox (~> 2.4)
  rspec

BUNDLED WITH
   1.15.4
